PATH
  remote: .
  specs:
    monorail-rails (0.0.1)

GEM
  remote: https://rubygems.org/
  specs:

PLATFORMS
  ruby

DEPENDENCIES
  monorail-rails!
